GEM
  remote: https://rubygems.org/
  specs:
    CoffeeTags (0.0.3.0)
    awesome_print (1.1.0)
    coderay (1.0.9)
    colorize (0.5.8)
    fastri (0.3.1.1)
    ffi (1.8.1)
    formatador (0.2.4)
    gem-browse (1.0.0)
    git-smart (0.1.9)
      colorize
    guard (1.8.0)
      formatador (>= 0.2.4)
      listen (>= 1.0.0)
      lumberjack (>= 1.0.2)
      pry (>= 0.9.10)
      thor (>= 0.14.6)
    hijack (0.2.1)
    json (1.8.0)
    listen (1.1.2)
      rb-fsevent (>= 0.9.3)
      rb-inotify (>= 0.9)
      rb-kqueue (>= 0.2)
    lumberjack (1.0.3)
    method_source (0.8.1)
    pry (0.9.12.2)
      coderay (~> 1.0.5)
      method_source (~> 0.8)
      slop (~> 3.4)
    pry-doc (0.4.6)
      pry (>= 0.9)
      yard (>= 0.8)
    pry-theme (0.2.0)
      json
    rb-fsevent (0.9.3)
    rb-inotify (0.9.0)
      ffi (>= 0.5.0)
    rb-kqueue (0.2.0)
      ffi (>= 0.5.0)
    rbenv-gem-rehash (1.0.0)
    rcodetools (0.8.5.0)
    slop (3.4.5)
    spring (0.0.8)
    thor (0.18.1)
    tmuxinator (0.5.0)
    yard (0.8.6.1)

PLATFORMS
  ruby

DEPENDENCIES
  CoffeeTags
  awesome_print
  fastri
  gem-browse
  git-smart
  guard
  hijack
  pry
  pry-doc
  pry-theme
  rb-fsevent
  rbenv-gem-rehash
  rcodetools
  spring
  tmuxinator
