GEM
  remote: https://rubygems.org/
  specs:
    CoffeeTags (0.1.3)
    activesupport (4.0.0)
      i18n (~> 0.6, >= 0.6.4)
      minitest (~> 4.2)
      multi_json (~> 1.3)
      thread_safe (~> 0.1)
      tzinfo (~> 0.3.37)
    addressable (2.3.5)
    atomic (1.1.12)
    awesome_print (1.1.0)
    backports (3.3.3)
    brewdler (0.4.1)
      commander
    coderay (1.0.9)
    colorize (0.5.8)
    commander (4.1.4)
      highline (~> 1.6.11)
    erubis (2.7.0)
    ethon (0.5.12)
      ffi (>= 1.3.0)
      mime-types (~> 1.18)
    faraday (0.8.8)
      multipart-post (~> 1.2.0)
    faraday_middleware (0.9.0)
      faraday (>= 0.7.4, < 0.9)
    fastri (0.3.1.1)
    ffi (1.9.0)
    formatador (0.2.4)
    gem-browse (1.0.0)
    gh (0.11.3)
      addressable
      backports
      faraday (~> 0.8)
      multi_json (~> 1.0)
      net-http-persistent (>= 2.7)
      net-http-pipeline
    git-smart (0.1.9)
      colorize
    guard (1.8.2)
      formatador (>= 0.2.4)
      listen (>= 1.0.0)
      lumberjack (>= 1.0.2)
      pry (>= 0.9.10)
      thor (>= 0.14.6)
    hashr (0.0.22)
    highline (1.6.19)
    hijack (0.2.1)
    i18n (0.6.4)
    json (1.8.0)
    launchy (2.3.0)
      addressable (~> 2.3)
    listen (1.2.2)
      rb-fsevent (>= 0.9.3)
      rb-inotify (>= 0.9)
      rb-kqueue (>= 0.2)
    lumberjack (1.0.4)
    lunchy (0.7.0)
    method_source (0.8.2)
    mime-types (1.23)
    minitest (4.7.5)
    multi_json (1.7.8)
    multipart-post (1.2.0)
    net-http-persistent (2.9)
    net-http-pipeline (1.0.1)
    netrc (0.7.7)
    pry (0.9.12.2)
      coderay (~> 1.0.5)
      method_source (~> 0.8)
      slop (~> 3.4)
    pry-doc (0.4.6)
      pry (>= 0.9)
      yard (>= 0.8)
    pry-theme (0.2.0)
      json
    rb-fsevent (0.9.3)
    rb-inotify (0.9.0)
      ffi (>= 0.5.0)
    rb-kqueue (0.2.0)
      ffi (>= 0.5.0)
    rcodetools (0.8.5.0)
    slop (3.4.6)
    spring (0.0.10)
    thor (0.18.1)
    thread_safe (0.1.2)
      atomic
    tmuxinator (0.6.4)
      activesupport
      erubis
      thor (>= 0.18.0)
    travis (1.4.0)
      backports
      faraday (~> 0.8)
      faraday_middleware (~> 0.9)
      gh
      highline (~> 1.6)
      launchy (~> 2.1)
      netrc (~> 0.7)
      pry (~> 0.9)
      typhoeus
    travis-lint (1.7.0)
      hashr (~> 0.0.22)
    typhoeus (0.6.3)
      ethon (~> 0.5.11)
    tzinfo (0.3.37)
    yard (0.8.7)

PLATFORMS
  ruby

DEPENDENCIES
  CoffeeTags
  awesome_print
  brewdler
  fastri
  gem-browse
  git-smart
  guard
  hijack
  lunchy
  pry
  pry-doc
  pry-theme
  rb-fsevent
  rcodetools
  spring
  tmuxinator
  travis
  travis-lint
